GEM
  remote: https://rubygems.org/
  specs:
    ansi (1.5.0)
    coderay (1.1.0)
    hashie (3.4.2)
    highline (1.7.2)
    itamae (1.3.1)
      ansi
      hashie
      schash (~> 0.1.0)
      specinfra (>= 2.31.0, < 3.0.0)
      thor
    method_source (0.8.2)
    net-scp (1.2.1)
      net-ssh (>= 2.6.5)
    net-ssh (2.9.2)
    pry (0.10.1)
      coderay (~> 1.1.0)
      method_source (~> 0.8.1)
      slop (~> 3.4)
    schash (0.1.1)
    slop (3.6.0)
    specinfra (2.36.0)
      net-scp
      net-ssh
    thor (0.19.1)
    unix-crypt (1.3.0)

PLATFORMS
  ruby

DEPENDENCIES
  highline
  itamae
  pry
  unix-crypt

BUNDLED WITH
   1.10.4
